GEM
  remote: https://rubygems.org/
  specs:
    coderay (1.1.1)
    gosu (0.11.3.1)
    method_source (0.8.2)
    pry (0.10.4)
      coderay (~> 1.1.0)
      method_source (~> 0.8.1)
      slop (~> 3.4)
    slop (3.6.0)

PLATFORMS
  ruby

DEPENDENCIES
  gosu (~> 0.11)
  pry (~> 0.10)

BUNDLED WITH
   1.13.6
